GEM
  remote: https://rubygems.org/
  specs:
    debase (0.2.4.1)
      debase-ruby_core_source (>= 0.10.2)
    debase-ruby_core_source (3.2.1)
    debug (1.8.0)
      irb (>= 1.5.0)
      reline (>= 0.3.1)
    ffi (1.15.5)
    io-console (0.6.0)
    irb (1.7.3)
      reline (>= 0.3.6)
    nokogiri (1.15.3-x86_64-linux)
      racc (~> 1.4)
    pristine (0.0.3)
      rb-inotify (~> 0.9.7)
    racc (1.7.1)
    rb-inotify (0.9.10)
      ffi (>= 0.5.0, < 2)
    reline (0.3.6)
      io-console (~> 0.5)

PLATFORMS
  x86_64-linux

DEPENDENCIES
  debase (~> 0.2.4)
  debug (~> 1.8)
  io-console (~> 0.6.0)
  nokogiri
  pristine (~> 0.0.3)

BUNDLED WITH
   2.4.15
